NUGET
  remote: https://www.nuget.org/api/v2
  specs:
    FAKE (4.25.5)
    SourceLink.Fake (1.1)
